PATH
  remote: .
  specs:
    Dropbox Photo Organizer (0.1.0)
      exifr

GEM
  remote: https://rubygems.org/
  specs:
    exifr (1.1.3)

PLATFORMS
  ruby

DEPENDENCIES
  Dropbox Photo Organizer!
